PATH
  remote: .
  specs:
    twirp-tools (0.1.0)

GEM
  remote: https://rubygems.org/
  specs:
    rake (13.2.1)

PLATFORMS
  ruby
  x86_64-linux

DEPENDENCIES
  rake (~> 13.0)
  twirp-tools!

BUNDLED WITH
   2.5.9
